GEM
  remote: https://rubygems.org/
  specs:
    blankslate (2.1.2.4)
    docile (1.1.0)
    gli (2.7.0)
    haml (4.0.3)
      tilt
    parslet (1.5.0)
      blankslate (~> 2.0)
    rake (10.1.0)
    redcarpet (2.3.0)
    reveal-ck (0.1.7)
      docile (~> 1.1.0)
      gli (~> 2.7.0)
      haml (~> 4.0.3)
      rake (~> 10.1.0)
      redcarpet (~> 2.3.0)
      slim (~> 2.0)
      tilt (~> 1.4)
      toml (~> 0.0.3)
    slim (2.0.1)
      temple (~> 0.6.6)
      tilt (>= 1.3.3, < 2.1)
    temple (0.6.7)
    tilt (1.4.1)
    toml (0.0.4)
      parslet

PLATFORMS
  ruby

DEPENDENCIES
  reveal-ck (~> 0.1.7)
